GEM
  remote: https://rubygems.org/
  specs:
    ansi (1.5.0)
    ast (2.4.2)
    multi_json (1.15.0)
    oga (3.4)
      ast
      ruby-ll (~> 2.1)
    parallel (1.23.0)
    rake (12.3.3)
    ruby-ll (2.1.2)
      ansi
      ast

PLATFORMS
  arm64-darwin-20
  arm64-darwin-21

DEPENDENCIES
  bundler
  multi_json (~> 1.15)
  oga (~> 3.4)
  parallel (~> 1.23)
  rake (~> 12.3, >= 12.3.2)

RUBY VERSION
   ruby 3.2.1p31

BUNDLED WITH
   2.3.6
